GIT
  remote: git://github.com/sandal/prawn.git
  revision: 89ba0ebf7ac3705756330a25ab4c88e4c71e36d8
  tag: 0.10.2
  submodules: true
  specs:
    prawn (0.10.2)
      pdf-reader (>= 0.8.1)

GEM
  remote: http://rubygems.org/
  specs:
    Ascii85 (1.0.1)
    abstract (1.0.0)
    actionmailer (3.0.9)
      actionpack (= 3.0.9)
      mail (~> 2.2.19)
    actionpack (3.0.9)
      activemodel (= 3.0.9)
      activesupport (= 3.0.9)
      builder (~> 2.1.2)
      erubis (~> 2.6.6)
      i18n (~> 0.5.0)
      rack (~> 1.2.1)
      rack-mount (~> 0.6.14)
      rack-test (~> 0.5.7)
      tzinfo (~> 0.3.23)
    activemerchant (1.16.0)
      activesupport (>= 2.3.11)
      braintree (>= 2.0.0)
      builder (>= 2.0.0)
      json (>= 1.5.1)
    activemodel (3.0.9)
      activesupport (= 3.0.9)
      builder (~> 2.1.2)
      i18n (~> 0.5.0)
    activerecord (3.0.9)
      activemodel (= 3.0.9)
      activesupport (= 3.0.9)
      arel (~> 2.0.10)
      tzinfo (~> 0.3.23)
    activeresource (3.0.9)
      activemodel (= 3.0.9)
      activesupport (= 3.0.9)
    activesupport (3.0.9)
    arel (2.0.10)
    bcrypt-ruby (2.1.4)
    braintree (2.10.1)
      builder (>= 2.0.0)
    builder (2.1.2)
    cancan (1.6.5)
    capistrano (2.6.0)
      highline
      net-scp (>= 1.0.0)
      net-sftp (>= 2.0.0)
      net-ssh (>= 2.0.14)
      net-ssh-gateway (>= 1.1.0)
    capistrano-ext (1.2.1)
      capistrano (>= 1.0.0)
    client_side_validations (3.1.0)
    cocaine (0.1.0)
    columnize (0.3.4)
    daemons (1.0.10)
    database_cleaner (0.6.7)
    devise (1.3.4)
      bcrypt-ruby (~> 2.1.2)
      orm_adapter (~> 0.0.3)
      warden (~> 1.0.3)
    diff-lcs (1.1.2)
    erubis (2.6.6)
      abstract (>= 1.0.0)
    factory_girl (2.0.1)
    factory_girl_rails (1.1.0)
      factory_girl (~> 2.0.0)
      railties (>= 3.0.0)
    fastercsv (1.5.4)
    gem_plugin (0.2.3)
    googlecharts (1.6.7)
    haml (3.1.2)
    haml-rails (0.3.4)
      actionpack (~> 3.0)
      activesupport (~> 3.0)
      haml (~> 3.0)
      railties (~> 3.0)
    hashie (1.0.0)
    highline (1.6.2)
    hpricot (0.8.4)
    httpclient (2.2.1)
    i18n (0.5.0)
    jcheck_rails (0.5.0)
      zip (>= 2.0.2)
    json (1.5.3)
    kgio (2.6.0)
    linecache (0.46)
      rbx-require-relative (> 0.0.4)
    mail (2.2.19)
      activesupport (>= 2.3.6)
      i18n (>= 0.4.0)
      mime-types (~> 1.16)
      treetop (~> 1.4.8)
    mime-types (1.16)
    mongrel (1.2.0.pre2)
      daemons (~> 1.0.10)
      gem_plugin (~> 0.2.3)
    mysql2 (0.2.11)
    net-scp (1.0.4)
      net-ssh (>= 1.99.1)
    net-sftp (2.0.5)
      net-ssh (>= 2.0.9)
    net-ssh (2.1.4)
    net-ssh-gateway (1.1.0)
      net-ssh (>= 1.99.1)
    nokogiri (1.5.0)
    orm_adapter (0.0.5)
    paperclip (2.3.15)
      activerecord (>= 2.3.0)
      activesupport (>= 2.3.2)
      cocaine (>= 0.0.2)
      mime-types
    pdf-reader (0.10.0)
      Ascii85 (~> 1.0.0)
    polyglot (0.3.1)
    rack (1.2.3)
    rack-mount (0.6.14)
      rack (>= 1.0.0)
    rack-test (0.5.7)
      rack (>= 1.0)
    rails (3.0.9)
      actionmailer (= 3.0.9)
      actionpack (= 3.0.9)
      activerecord (= 3.0.9)
      activeresource (= 3.0.9)
      activesupport (= 3.0.9)
      bundler (~> 1.0)
      railties (= 3.0.9)
    rails3-jquery-autocomplete (0.9.0)
      rails (~> 3.0)
    railties (3.0.9)
      actionpack (= 3.0.9)
      activesupport (= 3.0.9)
      rake (>= 0.8.7)
      rdoc (~> 3.4)
      thor (~> 0.14.4)
    raindrops (0.7.0)
    rake (0.9.2)
    rbx-require-relative (0.0.5)
    rdoc (3.8)
    rspec (2.6.0)
      rspec-core (~> 2.6.0)
      rspec-expectations (~> 2.6.0)
      rspec-mocks (~> 2.6.0)
    rspec-core (2.6.4)
    rspec-expectations (2.6.0)
      diff-lcs (~> 1.1.2)
    rspec-mocks (2.6.0)
    rspec-rails (2.6.1)
      actionpack (~> 3.0)
      activesupport (~> 3.0)
      railties (~> 3.0)
      rspec (~> 2.6.0)
    ruby-debug (0.10.4)
      columnize (>= 0.1)
      ruby-debug-base (~> 0.10.4.0)
    ruby-debug-base (0.10.4)
      linecache (>= 0.3)
    ruby-ole (1.2.11.1)
    sass (3.1.4)
    shoulda (3.0.0.beta2)
      shoulda-context (~> 1.0.0.beta1)
      shoulda-matchers (~> 1.0.0.beta1)
    shoulda-context (1.0.0.beta1)
    shoulda-matchers (1.0.0.beta3)
    spreadsheet (0.6.5.7)
      ruby-ole (>= 1.0)
    thor (0.14.6)
    treetop (1.4.9)
      polyglot (>= 0.3.1)
    typhoeus (0.2.4)
      mime-types
      mime-types
    tzinfo (0.3.29)
    unicorn (4.0.1)
      kgio (~> 2.4)
      rack
      raindrops (~> 0.6)
    warden (1.0.4)
      rack (>= 1.0)
    will_paginate (3.0.pre2)
    wirble (0.1.3)
    xcapclient (1.4.1)
      httpclient
    zip (2.0.2)

PLATFORMS
  ruby

DEPENDENCIES
  activemerchant
  cancan
  capistrano
  capistrano-ext
  client_side_validations (= 3.1.0)
  database_cleaner (= 0.6.7)
  devise (= 1.3.4)
  factory_girl_rails
  fastercsv
  googlecharts
  haml (= 3.1.2)
  haml-rails (= 0.3.4)
  hashie (= 1.0.0)
  hpricot (= 0.8.4)
  httpclient
  jcheck_rails
  mongrel (>= 1.2.0.pre2)
  mysql2 (< 0.3)
  nokogiri
  paperclip
  prawn!
  rails (= 3.0.9)
  rails3-jquery-autocomplete
  rspec-rails (= 2.6.1)
  ruby-debug (= 0.10.4)
  sass (= 3.1.4)
  shoulda (= 3.0.0.beta2)
  spreadsheet
  typhoeus (= 0.2.4)
  unicorn (= 4.0.1)
  will_paginate (~> 3.0.pre2)
  wirble (= 0.1.3)
  xcapclient
